PATH
  remote: .
  specs:
    logstash-filter-embeddings_generator (0.1.0-java)
      logstash-core-plugin-api (~> 2.0)

PATH
  remote: /Users/mashhur/Dev/elastic/logstash/logstash-core-plugin-api
  specs:
    logstash-core-plugin-api (2.1.16-java)
      logstash-core (= 9.0.0)

PATH
  remote: /Users/mashhur/Dev/elastic/logstash/logstash-core
  specs:
    logstash-core (9.0.0-java)
      clamp (~> 1)
      concurrent-ruby (~> 1, < 1.1.10)
      down (~> 5.2.0)
      elasticsearch (~> 7)
      filesize (~> 0.2)
      gems (~> 1)
      i18n (~> 1)
      jrjackson (= 0.4.20)
      manticore (~> 0.6)
      minitar (~> 1)
      pry (~> 0.12)
      puma (~> 6.3, >= 6.4.2)
      rack (~> 3)
      ruby-maven-libs (~> 3, >= 3.8.9)
      rubyzip (~> 1)
      sinatra (~> 4)
      stud (~> 0.0.19)
      thread_safe (~> 0.3.6)
      thwait
      treetop (~> 1)
      tzinfo-data

GEM
  remote: https://rubygems.org/
  specs:
    addressable (2.8.7)
      public_suffix (>= 2.0.2, < 7.0)
    base64 (0.2.0)
    clamp (1.3.2)
    coderay (1.1.3)
    concurrent-ruby (1.1.9)
    diff-lcs (1.5.1)
    down (5.2.4)
      addressable (~> 2.8)
    e2mmap (0.1.0)
    elasticsearch (7.17.11)
      elasticsearch-api (= 7.17.11)
      elasticsearch-transport (= 7.17.11)
    elasticsearch-api (7.17.11)
      multi_json
    elasticsearch-transport (7.17.11)
      base64
      faraday (>= 1, < 3)
      multi_json
    faraday (2.12.1)
      faraday-net_http (>= 2.0, < 3.5)
      json
      logger
    faraday-net_http (3.4.0)
      net-http (>= 0.5.0)
    ffi (1.17.0-java)
    filesize (0.2.0)
    fivemat (1.3.7)
    gem_publisher (1.5.0)
    gems (1.3.0)
    i18n (1.14.6)
      concurrent-ruby (~> 1.0)
    jrjackson (0.4.20-java)
    json (2.8.2-java)
    kramdown (2.5.1)
      rexml (>= 3.3.9)
    logger (1.6.1)
    logstash-codec-plain (3.1.0)
      logstash-core-plugin-api (>= 1.60, <= 2.99)
      logstash-mixin-ecs_compatibility_support (~> 1.3)
      logstash-mixin-event_support (~> 1.0)
    logstash-devutils (2.6.2-java)
      fivemat
      gem_publisher
      kramdown (~> 2)
      logstash-codec-plain
      logstash-core (>= 6.3)
      minitar
      rake
      rspec (~> 3.0)
      rspec-wait
      stud (>= 0.0.20)
    logstash-mixin-ecs_compatibility_support (1.3.0-java)
      logstash-core (>= 6.0.0)
    logstash-mixin-event_support (1.0.1-java)
      logstash-core (>= 6.8)
    manticore (0.9.1-java)
      openssl_pkcs8_pure
    method_source (1.1.0)
    minitar (1.0.2)
    multi_json (1.15.0)
    mustermann (3.0.3)
      ruby2_keywords (~> 0.0.1)
    net-http (0.5.0)
      uri
    nio4r (2.7.4-java)
    openssl_pkcs8_pure (0.0.0.2)
    polyglot (0.3.5)
    pry (0.15.0-java)
      coderay (~> 1.1)
      method_source (~> 1.0)
      spoon (~> 0.0)
    public_suffix (6.0.1)
    puma (6.5.0-java)
      nio4r (~> 2.0)
    rack (3.1.8)
    rack-protection (4.1.1)
      base64 (>= 0.1.0)
      logger (>= 1.6.0)
      rack (>= 3.0.0, < 4)
    rack-session (2.0.0)
      rack (>= 3.0.0)
    rake (13.2.1)
    rexml (3.3.9)
    rspec (3.13.0)
      rspec-core (~> 3.13.0)
      rspec-expectations (~> 3.13.0)
      rspec-mocks (~> 3.13.0)
    rspec-core (3.13.2)
      rspec-support (~> 3.13.0)
    rspec-expectations (3.13.3)
      diff-lcs (>= 1.2.0, < 2.0)
      rspec-support (~> 3.13.0)
    rspec-mocks (3.13.2)
      diff-lcs (>= 1.2.0, < 2.0)
      rspec-support (~> 3.13.0)
    rspec-support (3.13.1)
    rspec-wait (1.0.1)
      rspec (>= 3.4)
    ruby-maven-libs (3.9.9)
    ruby2_keywords (0.0.5)
    rubyzip (1.3.0)
    sinatra (4.1.1)
      logger (>= 1.6.0)
      mustermann (~> 3.0)
      rack (>= 3.0.0, < 4)
      rack-protection (= 4.1.1)
      rack-session (>= 2.0.0, < 3)
      tilt (~> 2.0)
    spoon (0.0.6)
      ffi
    stud (0.0.23)
    thread_safe (0.3.6-java)
    thwait (0.2.0)
      e2mmap
    tilt (2.4.0)
    treetop (1.6.12)
      polyglot (~> 0.3)
    tzinfo (2.0.6)
      concurrent-ruby (~> 1.0)
    tzinfo-data (1.2024.2)
      tzinfo (>= 1.0.0)
    uri (1.0.2)

PLATFORMS
  universal-java-21

DEPENDENCIES
  logstash-core!
  logstash-core-plugin-api!
  logstash-devutils
  logstash-filter-embeddings_generator!

BUNDLED WITH
   2.4.20
